GEM
  remote: https://rubygems.org/
  specs:
    optimist (3.0.1)

PLATFORMS
  ruby

DEPENDENCIES
  optimist

BUNDLED WITH
   2.1.4
